{
	"Manufacturer": "Siemens",
	"ManufacturersModelName": "Skyra",
	"AcquisitionNumber": 1,
	"InstitutionName": "Clinica_Alemana_La_Dehesa",
	"InstitutionAddress": "Av_Jose_Alcalde_Delano_12205_Santiago_Metropolitana_CL_ZIP",
	"DeviceSerialNumber": "46302",
	"SoftwareVersions": "syngo_MR_E11",
	"ProcedureStepDescription": "RM_Investigacion_DM_Incertidumbre",
	"ScanningSequence": "GR",
	"SequenceVariant": "SP_OSP",
	"SeriesDescription": "field_map",
	"BodyPartExamined": "BRAIN",
	"ProtocolName": "field_map",
	"SequenceName": "_fm2d2r",
	"ImageType": ["ORIGINAL", "PRIMARY", "M", "ND"],
	"AcquisitionTime": "13:17:55.735000",
	"MagneticFieldStrength": 3,
	"FlipAngle": 50,
	"EchoTime": 0.00492,
	"RepetitionTime": 0.731,
	"PhaseEncodingLines": 68,
	"PhaseEncodingDirection": "i-",
	"ConversionSoftware": "dcm2niix"
}
