{
	"Manufacturer": "Siemens",
	"ManufacturersModelName": "Skyra",
	"EchoTrainLength": 37,
	"AcquisitionNumber": 1,
	"InstitutionName": "Clinica_Alemana_La_Dehesa",
	"InstitutionAddress": "Av_Jose_Alcalde_Delano_12205_Santiago_Metropolitana_CL_ZIP",
	"DeviceSerialNumber": "46302",
	"SoftwareVersions": "syngo_MR_E11",
	"ProcedureStepDescription": "RM_Investigacion_DM_Incertidumbre",
	"ScanningSequence": "EP",
	"SequenceVariant": "SK",
	"SeriesDescription": "fMRI_200X30_RS_Tarea",
	"BodyPartExamined": "BRAIN",
	"ProtocolName": "fMRI_200X30_RS_Tarea",
	"SequenceName": "_epfid2d1_74",
	"ImageType": ["ORIGINAL", "PRIMARY", "M", "ND", "MOSAIC"],
	"AcquisitionTime": "13:20:16.400000",
	"MagneticFieldStrength": 3,
	"FlipAngle": 90,
	"EchoTime": 0.035,
	"RepetitionTime": 2.210,
	"PhaseEncodingLines": 74,
	"BandwidthPerPixelPhaseEncode": 41.58,
	"EffectiveEchoSpacing": 0.000325,
	"TotalReadoutTime": 0.0234,
	"AccelFactPE": 2,
	"TrueEchoSpacing": 0.000650001,
	"TaskName": "$MSIT",
	"SliceTiming": [
		    1.0958,
         0,
    1.1535,
    0.0578,
    1.2113,
    0.1156,
    1.2691,
    0.1734,
    1.3269,
    0.2312,
    1.3847,
    0.2890,
    1.4425,
    0.3468,
    1.5003,
    0.4046,
    1.5581,
    0.4623,
    1.6159,
    0.5201,
    1.6737,
    0.5779,
    1.7315,
    0.6357,
    1.7893,
    0.6935,
    1.8447,
    0.7513,
    1.9025,
    0.8068,
    1.9603,
    0.8646,
    2.0181,
    0.9224,
    2.0759,
    0.9802,
    2.1337,
    1.0380	],
	"PhaseEncodingDirection": "i-",
	"ConversionSoftware": "dcm2niix"
}
